GEM
  remote: http://rubygems.org/
  specs:
    activemodel (3.2.1)
      activesupport (= 3.2.1)
      builder (~> 3.0.0)
    activesupport (3.2.1)
      i18n (~> 0.6)
      multi_json (~> 1.0)
    bson (1.5.2)
    bson_ext (1.5.2)
      bson (= 1.5.2)
    builder (3.0.0)
    git (1.2.5)
    i18n (0.6.0)
    jeweler (1.8.3)
      bundler (~> 1.0)
      git (>= 1.2.5)
      rake
      rdoc
    json (1.6.5)
    metaclass (0.0.1)
    minitest (2.11.2)
    mocha (0.10.4)
      metaclass (~> 0.0.1)
    mongo (1.5.2)
      bson (= 1.5.2)
    multi_json (1.0.4)
    rake (0.9.2.2)
    rdoc (3.12)
      json (~> 1.4)
    simplecov (0.5.4)
      multi_json (~> 1.0.3)
      simplecov-html (~> 0.5.3)
    simplecov-html (0.5.3)
    yard (0.7.5)

PLATFORMS
  ruby

DEPENDENCIES
  activemodel (>= 3.0.5)
  activesupport (>= 3.0.5)
  bson_ext (~> 1.5.2)
  bundler (~> 1.0.0)
  jeweler (~> 1.8.3)
  minitest
  mocha
  mongo (~> 1.5.2)
  rdoc (~> 3.12)
  simplecov
  yard (~> 0.7)
